PATH
  remote: .
  specs:
    whedon (0.1.0)
      bibtex-ruby
      dotenv
      latex-decode
      metamatter (~> 0.2.0)
      nameable (~> 1.1)
      octokit (~> 4.0)
      redcarpet (~> 3.3)
      rest-client (>= 1.8)
      thor (~> 0.19)
      tilt
      unicode (~> 0.4.4)

GEM
  remote: https://rubygems.org/
  specs:
    addressable (2.4.0)
    algorithmia (0.2.0)
      httparty (~> 0.13.1)
      json (~> 1.8)
      rake (~> 10.4)
    bibtex-ruby (4.4.7)
      latex-decode (~> 0.0)
    coderay (1.1.1)
    crack (0.4.3)
      safe_yaml (~> 1.0.0)
    diff-lcs (1.2.5)
    domain_name (0.5.20180417)
      unf (>= 0.0.5, < 1.0.0)
    dotenv (2.7.2)
    faraday (0.15.4)
      multipart-post (>= 1.2, < 3)
    hashdiff (0.3.9)
    http-cookie (1.0.3)
      domain_name (~> 0.5)
    httparty (0.13.7)
      json (~> 1.8)
      multi_xml (>= 0.5.2)
    json (1.8.6)
    latex-decode (0.3.1)
    metamatter (0.2.0)
      algorithmia (~> 0.2.0)
      httparty (~> 0.13)
      octokit (~> 4.0)
      thor (~> 0.19)
    method_source (0.8.2)
    mime-types (3.2.2)
      mime-types-data (~> 3.2015)
    mime-types-data (3.2019.0331)
    mini_portile2 (2.3.0)
    multi_xml (0.6.0)
    multipart-post (2.0.0)
    nameable (1.1.4)
    netrc (0.11.0)
    nokogiri (1.8.5)
      mini_portile2 (~> 2.3.0)
    octokit (4.14.0)
      sawyer (~> 0.8.0, >= 0.5.3)
    pry (0.10.3)
      coderay (~> 1.1.0)
      method_source (~> 0.8.1)
      slop (~> 3.4)
    rake (10.5.0)
    redcarpet (3.4.0)
    rest-client (2.0.2)
      http-cookie (>= 1.0.2, < 2.0)
      mime-types (>= 1.16, < 4.0)
      netrc (~> 0.8)
    rspec (3.4.0)
      rspec-core (~> 3.4.0)
      rspec-expectations (~> 3.4.0)
      rspec-mocks (~> 3.4.0)
    rspec-core (3.4.4)
      rspec-support (~> 3.4.0)
    rspec-expectations (3.4.0)
      diff-lcs (>= 1.2.0, < 2.0)
      rspec-support (~> 3.4.0)
    rspec-mocks (3.4.1)
      diff-lcs (>= 1.2.0, < 2.0)
      rspec-support (~> 3.4.0)
    rspec-support (3.4.1)
    safe_yaml (1.0.5)
    sawyer (0.8.1)
      addressable (>= 2.3.5, < 2.6)
      faraday (~> 0.8, < 1.0)
    slop (3.6.0)
    thor (0.20.3)
    tilt (2.0.9)
    unf (0.1.4)
      unf_ext
    unf_ext (0.0.7.6)
    unicode (0.4.4.4)
    vcr (4.0.0)
    webmock (3.5.1)
      addressable (>= 2.3.6)
      crack (>= 0.3.2)
      hashdiff

PLATFORMS
  ruby

DEPENDENCIES
  bundler
  nokogiri (= 1.8.5)
  pry (~> 0.10)
  rake (~> 10.0)
  rspec (~> 3.3)
  vcr (~> 4.0)
  webmock (~> 3.5.1)
  whedon!

BUNDLED WITH
   2.0.1
